GEM
  remote: https://rubygems.org/
  specs:
    aws-eventstream (1.1.1)
    aws-partitions (1.465.0)
    aws-record (2.6.0)
      aws-sdk-dynamodb (~> 1.18)
    aws-sdk-core (3.114.1)
      aws-eventstream (~> 1, >= 1.0.2)
      aws-partitions (~> 1, >= 1.239.0)
      aws-sigv4 (~> 1.1)
      jmespath (~> 1.0)
    aws-sdk-dynamodb (1.60.0)
      aws-sdk-core (~> 3, >= 3.112.0)
      aws-sigv4 (~> 1.1)
    aws-sigv4 (1.2.3)
      aws-eventstream (~> 1, >= 1.0.2)
    jmespath (1.4.0)
    json (2.5.1)
    rakuten_web_service (1.13.0)
      json (~> 2.3)

PLATFORMS
  x64-mingw32

DEPENDENCIES
  aws-record (~> 2.0)
  rakuten_web_service

BUNDLED WITH
   2.2.19
